PATH
  remote: .
  specs:
    check_xcode_xmls (0.1.0)
      nokogiri

GEM
  remote: https://rubygems.org/
  specs:
    mini_portile2 (2.4.0)
    minitest (5.11.3)
    nokogiri (1.10.1)
      mini_portile2 (~> 2.4.0)
    rake (10.5.0)

PLATFORMS
  ruby

DEPENDENCIES
  bundler (~> 2.0)
  check_xcode_xmls!
  minitest (~> 5.0)
  rake (~> 10.0)

BUNDLED WITH
   2.0.1
